GEM
  remote: http://rubygems.org/
  specs:
    atomic (1.1.16)
    atomic (1.1.16-java)
    aws-ses (0.6.0)
      builder
      mail (> 2.2.5)
      mime-types
      xml-simple
    builder (3.2.3)
    celluloid (0.17.3)
      celluloid-essentials
      celluloid-extras
      celluloid-fsm
      celluloid-pool
      celluloid-supervision
      timers (>= 4.1.1)
    celluloid-essentials (0.20.5)
      timers (>= 4.1.1)
    celluloid-extras (0.20.5)
      timers (>= 4.1.1)
    celluloid-fsm (0.20.5)
      timers (>= 4.1.1)
    celluloid-pool (0.20.5)
      timers (>= 4.1.1)
    celluloid-supervision (0.20.6)
      timers (>= 4.1.1)
    celluloid-zmq (0.17.2)
      celluloid (>= 0.17.2)
      ffi
      ffi-rzmq
      timers (>= 4.1.1)
    coderay (1.0.9)
    contracts (0.4)
    daemons (1.1.0)
    diff-lcs (1.3)
    excon (0.45.4)
    ffi (1.9.18)
    ffi (1.9.18-java)
    ffi-rzmq (2.0.5)
      ffi-rzmq-core (>= 1.0.6)
    ffi-rzmq-core (1.0.6)
      ffi
    foreman (0.84.0)
      thor (~> 0.19.1)
    hitimes (1.2.4)
    hitimes (1.2.4-java)
    i18n (0.8.6)
    json_pure (1.8.1)
    leanback (0.5.4)
      multi_json
      rest-client
    mail (2.6.6)
      mime-types (>= 1.16, < 4)
    method_source (0.8.1)
    mime-types (1.23)
    multi_json (1.12.1)
    pry (0.9.12.2)
      coderay (~> 1.0.5)
      method_source (~> 0.8)
      slop (~> 3.4)
    pry (0.9.12.2-java)
      coderay (~> 1.0.5)
      method_source (~> 0.8)
      slop (~> 3.4)
      spoon (~> 0.0)
    public_suffix (3.0.1)
    puma (2.10.2)
      rack (>= 1.1, < 2.0)
    puma (2.10.2-java)
      rack (>= 1.1, < 2.0)
    rack (1.6.8)
    rack-protection (1.5.3)
      rack
    rack-test (0.6.2)
      rack (>= 1.0)
    ragios-client (0.0.7)
      json_pure
      rest-client
    rake (12.0.0)
    rest-client (1.6.7)
      mime-types (>= 1.16)
    rspec (3.6.0)
      rspec-core (~> 3.6.0)
      rspec-expectations (~> 3.6.0)
      rspec-mocks (~> 3.6.0)
    rspec-core (3.6.0)
      rspec-support (~> 3.6.0)
    rspec-expectations (3.6.0)
      diff-lcs (>= 1.2.0, < 2.0)
      rspec-support (~> 3.6.0)
    rspec-mocks (3.6.0)
      diff-lcs (>= 1.2.0, < 2.0)
      rspec-support (~> 3.6.0)
    rspec-support (3.6.0)
    rufus-scheduler (3.0.7)
      tzinfo
    sinatra (1.4.8)
      rack (~> 1.5)
      rack-protection (~> 1.4)
      tilt (>= 1.3, < 3)
    slop (3.4.3)
    spoon (0.0.4)
      ffi
    state_machine (1.2.0)
    thor (0.19.4)
    thread_safe (0.3.1)
      atomic (>= 1.1.7, < 2)
    thread_safe (0.3.1-java)
      atomic (>= 1.1.7, < 2)
    tilt (2.0.8)
    timers (4.1.2)
      hitimes
    tzinfo (1.1.0)
      thread_safe (~> 0.1)
    xml-simple (1.1.5)

PLATFORMS
  java
  ruby

DEPENDENCIES
  aws-ses
  celluloid-zmq (~> 0.17.2)
  contracts
  daemons
  excon
  foreman
  i18n
  leanback (~> 0.5.1)
  pry
  puma (~> 2.10.1)
  rack-test
  ragios-client (~> 0.0.7)
  rake
  rspec
  rufus-scheduler (~> 3.0.7)
  sinatra
  state_machine

BUNDLED WITH
   1.15.1
