GEM
  remote: http://rubygems.org/
  specs:
    addressable (2.5.2)
      public_suffix (>= 2.0.2, < 4.0)
    aws-ses (0.6.0)
      builder
      mail (> 2.2.5)
      mime-types
      xml-simple
    builder (3.0.4)
    celluloid (0.17.3)
      celluloid-essentials
      celluloid-extras
      celluloid-fsm
      celluloid-pool
      celluloid-supervision
      timers (>= 4.1.1)
    celluloid-essentials (0.20.5)
      timers (>= 4.1.1)
    celluloid-extras (0.20.5)
      timers (>= 4.1.1)
    celluloid-fsm (0.20.5)
      timers (>= 4.1.1)
    celluloid-pool (0.20.5)
      timers (>= 4.1.1)
    celluloid-supervision (0.20.6)
      timers (>= 4.1.1)
    celluloid-zmq (0.17.2)
      celluloid (>= 0.17.2)
      ffi
      ffi-rzmq
      timers (>= 4.1.1)
    coderay (1.0.9)
    contracts (0.4)
    daemons (1.1.0)
    diff-lcs (1.3)
    excon (0.45.4)
    faraday (0.8.7)
      multipart-post (~> 1.1)
    ffi (1.9.18)
    ffi (1.9.18-java)
    ffi-rzmq (2.0.5)
      ffi-rzmq-core (>= 1.0.6)
    ffi-rzmq-core (1.0.6)
      ffi
    gmail (0.3.4)
      mail (>= 2.2.1)
      mime (>= 0.1)
    hitimes (1.2.4)
    hitimes (1.2.4-java)
    i18n (0.4.1)
    json_pure (1.8.1)
    leanback (0.5.1)
      activesupport
      json_pure
      rest-client
    mail (2.7.0)
      mini_mime (>= 0.1.1)
    memoizable (0.4.2)
      thread_safe (~> 0.3, >= 0.3.1)
    method_source (0.9.0)
    mime-types (3.1)
      mime-types-data (~> 3.2015)
    mime-types-data (3.2016.0521)
    mini_mime (1.0.0)
    multi_json (1.12.2)
    multipart-post (2.0.0)
    naught (1.1.0)
    netrc (0.11.0)
    oauth (0.5.3)
    pony (1.11)
      mail (>= 2.0)
    pry (0.11.3)
      coderay (~> 1.1.0)
      method_source (~> 0.9.0)
    pry (0.11.3-java)
      coderay (~> 1.1.0)
      method_source (~> 0.9.0)
      spoon (~> 0.0)
    public_suffix (3.0.1)
    puma (2.10.2)
      rack (>= 1.1, < 2.0)
    puma (2.10.2-java)
      rack (>= 1.1, < 2.0)
    rack (1.6.5)
    rack-protection (1.3.2)
      rack
    rack-test (0.6.2)
      rack (>= 1.0)
    ragios-client (0.0.7)
      json_pure
      rest-client
    rake (12.0.0)
    rest-client (1.6.7)
      mime-types (>= 1.16)
    rspec (3.6.0)
      rspec-core (~> 3.6.0)
      rspec-expectations (~> 3.6.0)
      rspec-mocks (~> 3.6.0)
    rspec-core (3.6.0)
      rspec-support (~> 3.6.0)
    rspec-expectations (3.6.0)
      diff-lcs (>= 1.2.0, < 2.0)
      rspec-support (~> 3.6.0)
    rspec-mocks (3.6.0)
      diff-lcs (>= 1.2.0, < 2.0)
      rspec-support (~> 3.6.0)
    rspec-support (3.6.0)
    rufus-scheduler (3.0.7)
      tzinfo
    simple_oauth (0.3.1)
    sinatra (1.4.8)
      rack (~> 1.5)
      rack-protection (~> 1.4)
      tilt (>= 1.3, < 3)
    spoon (0.0.6)
      ffi
    state_machine (1.2.0)
    thor (0.18.1)
    thread_safe (0.3.1)
      atomic (>= 1.1.7, < 2)
    thread_safe (0.3.1-java)
      atomic (>= 1.1.7, < 2)
    tilt (1.3.3)
    timers (4.1.2)
      hitimes
    treetop (1.4.8)
      polyglot (>= 0.3.1)
    twitter (4.6.2)
      faraday (~> 0.8, < 0.10)
      multi_json (~> 1.0)
      simple_oauth (~> 0.2)
    tzinfo (1.1.0)
      thread_safe (~> 0.1)
    uuidtools (2.1.5)
    xml-simple (1.1.2)

PLATFORMS
  java
  ruby

DEPENDENCIES
  aws-ses
  celluloid-zmq (~> 0.17.2)
  contracts
  daemons
  excon
  gmail
  i18n
  json_pure
  leanback (~> 0.5.1)
  pony
  pry
  puma (~> 2.10.1)
  rack-test
  ragios-client (~> 0.0.7)
  rake
  rspec
  rufus-scheduler (~> 3.0.7)
  sinatra
  state_machine
  thor
  twitter
  uuidtools

BUNDLED WITH
   1.15.1
