GEM
  remote: http://rubygems.org/
  specs:
    addressable (2.5.2)
      public_suffix (>= 2.0.2, < 4.0)
    aws-ses (0.6.0)
      builder
      mail (> 2.2.5)
      mime-types
      xml-simple
    builder (3.0.4)
    celluloid (0.14.1)
      timers (>= 1.0.0)
    coderay (1.0.9)
    contracts (0.4)
    daemons (1.1.0)
    diff-lcs (1.1.2)
    excon (0.45.4)
    faraday (0.8.7)
      multipart-post (~> 1.1)
    ffi (1.9.0-java)
    gmail (0.3.4)
      mail (>= 2.2.1)
    gmail_xoauth (0.4.2)
      oauth (>= 0.3.6)
    hitimes (1.2.6)
    hitimes (1.2.6-java)
    http (3.0.0)
      addressable (~> 2.3)
      http-cookie (~> 1.0)
      http-form_data (>= 2.0.0.pre.pre2, < 3)
      http_parser.rb (~> 0.6.0)
    http-cookie (1.0.3)
      domain_name (~> 0.5)
    http-form_data (2.0.0)
    http_parser.rb (0.6.0)
    http_parser.rb (0.6.0-java)
    i18n (0.9.1)
      concurrent-ruby (~> 1.0)
    json_pure (2.1.0)
    leanback (0.5.4)
      multi_json
      rest-client
    mail (2.7.0)
      mini_mime (>= 0.1.1)
    memoizable (0.4.2)
      thread_safe (~> 0.3, >= 0.3.1)
    method_source (0.9.0)
    mime-types (3.1)
      mime-types-data (~> 3.2015)
    mime-types-data (3.2016.0521)
    mini_mime (1.0.0)
    multi_json (1.12.2)
    multipart-post (2.0.0)
    naught (1.1.0)
    netrc (0.11.0)
    oauth (0.5.3)
    pony (1.11)
      mail (>= 2.0)
    pry (0.11.3)
      coderay (~> 1.1.0)
      method_source (~> 0.9.0)
    pry (0.11.3-java)
      coderay (~> 1.1.0)
      method_source (~> 0.9.0)
      spoon (~> 0.0)
    public_suffix (3.0.1)
    puma (2.10.2)
      rack (>= 1.1, < 2.0)
    puma (2.10.2-java)
      rack (>= 1.1, < 2.0)
    rack (1.5.1)
    rack-protection (1.3.2)
      rack
    rack-test (0.6.2)
      rack (>= 1.0)
    rake (0.9.2)
    rest-client (1.6.7)
      mime-types (>= 1.16)
    rspec (2.5.0)
      rspec-core (~> 2.5.0)
      rspec-expectations (~> 2.5.0)
      rspec-mocks (~> 2.5.0)
    rspec-core (2.5.1)
    rspec-expectations (2.5.0)
      diff-lcs (~> 1.1.2)
    rspec-mocks (2.5.0)
    rufus-scheduler (3.0.7)
      tzinfo
    simple_oauth (0.3.1)
    sinatra (1.4.8)
      rack (~> 1.5)
      rack-protection (~> 1.4)
      tilt (>= 1.3, < 3)
    spoon (0.0.6)
      ffi
    state_machine (1.2.0)
    sucker_punch (1.6.0)
      celluloid (~> 0.17.2)
    thor (0.20.0)
    thread_safe (0.3.6)
    thread_safe (0.3.6-java)
    tilt (2.0.8)
    timers (4.1.2)
      hitimes
    twitter (6.2.0)
      addressable (~> 2.3)
      buftok (~> 0.2.0)
      equalizer (~> 0.0.11)
      http (~> 3.0)
      http-form_data (~> 2.0)
      http_parser.rb (~> 0.6.0)
      memoizable (~> 0.4.0)
      multipart-post (~> 2.0)
      naught (~> 1.0)
      simple_oauth (~> 0.3.0)
    tzinfo (1.2.4)
      thread_safe (~> 0.1)
    unf (0.1.4)
      unf_ext
    unf (0.1.4-java)
    unf_ext (0.0.7.4)
    uuidtools (2.1.5)
    xml-simple (1.1.5)

PLATFORMS
  java
  ruby

DEPENDENCIES
  aws-ses
  celluloid
  contracts
  daemons
  excon
  gmail
  i18n
  json_pure
  leanback (~> 0.5.1)
  pony
  pry
  puma (~> 2.10.1)
  rack-test
  rake
  rspec
  rufus-scheduler (~> 3.0.7)
  sinatra
  state_machine
  sucker_punch (~> 1.0)
  thor
  twitter
  uuidtools

BUNDLED WITH
   1.14.6
